{
	"Modality": "MR",
	"MagneticFieldStrength": 3,
	"ImagingFrequency": 123.247,
	"Manufacturer": "Siemens",
	"ManufacturersModelName": "Prisma_fit",
	"InstitutionName": "Washington_University",
	"InstitutionalDepartmentName": "Department",
	"InstitutionAddress": "Scott_Ave_4525_St._Louis_MO_US_63110",
	"DeviceSerialNumber": "67064",
	"StationName": "MRC35177",
	"BodyPartExamined": "BRAIN",
	"PatientPosition": "HFS",
	"ProcedureStepDescription": "head_Dosenbach",
	"SoftwareVersions": "syngo_MR_E11",
	"MRAcquisitionType": "2D",
	"SeriesDescription": "MSC_Motor_Task2_fMRI_AP_2p6mm_MB4_tr1100_te33_56sl_fa63",
	"ProtocolName": "MSC_Motor_Task2_fMRI_AP_2p6mm_MB4_tr1100_te33_56sl_fa63",
	"ScanningSequence": "EP",
	"SequenceVariant": "SK_SS",
	"ScanOptions": "FS",
	"SequenceName": "epfid2d1_88",
	"ImageType": ["ORIGINAL", "PRIMARY", "M", "MB", "ND", "NORM", "MOSAIC"],
	"SeriesNumber": 16,
	"AcquisitionTime": "22:01:2.972500",
	"AcquisitionNumber": 1,
	"ImageComments": "Unaliased_MB4_PE3_LB",
	"SliceThickness": 2.6,
	"SpacingBetweenSlices": 2.6,
	"SAR": 0.0682127,
	"EchoTime": 0.033,
	"RepetitionTime": 1.1,
	"FlipAngle": 63,
	"PartialFourier": 1,
	"BaseResolution": 90,
	"ShimSetting": [
		-2007,
		-11504,
		5871,
		453,
		22,
		-33,
		-25,
		-64	],
	"TxRefAmp": 233.136,
	"PhaseResolution": 1,
	"VendorReportedEchoSpacing": 0.00059,
	"ReceiveCoilName": "HeadNeck_64",
	"ReceiveCoilActiveElements": "HC1-7",
	"PulseSequenceDetails": "%CustomerSeq%_cmrr_mbep2d_bold",
	"WipMemBlock": "91a98f80-498c-4974-b79b-0fc291f2159d||Sequence: ve11c/master r/068cfa9; Jul 21 2016 14:39:26 by eja",
	"ConsistencyInfo": "N4_VE11C_LATEST_20160120",
	"MultibandAccelerationFactor": 4,
	"PercentPhaseFOV": 97.7778,
	"EchoTrainLength": 88,
	"PhaseEncodingSteps": 88,
	"AcquisitionMatrixPE": 88,
	"ReconMatrixPE": 88,
	"BandwidthPerPixelPhaseEncode": 19.26,
	"EffectiveEchoSpacing": 0.000590012,
	"DerivedVendorReportedEchoSpacing": 0.000590012,
	"TotalReadoutTime": 0.0513311,
	"PixelBandwidth": 2220,
	"DwellTime": 2.5e-06,
	"PhaseEncodingDirection": "j-",
	"SliceTiming": [
		0,
		0.2325,
		0.4625,
		0.695,
		0.925,
		0.0775,
		0.31,
		0.54,
		0.7725,
		1.0025,
		0.155,
		0.385,
		0.6175,
		0.85,
		0,
		0.2325,
		0.4625,
		0.695,
		0.925,
		0.0775,
		0.31,
		0.54,
		0.7725,
		1.0025,
		0.155,
		0.385,
		0.6175,
		0.85,
		0,
		0.2325,
		0.4625,
		0.695,
		0.925,
		0.0775,
		0.31,
		0.54,
		0.7725,
		1.0025,
		0.155,
		0.385,
		0.6175,
		0.85,
		0,
		0.2325,
		0.4625,
		0.695,
		0.925,
		0.0775,
		0.31,
		0.54,
		0.7725,
		1.0025,
		0.155,
		0.385,
		0.6175,
		0.85	],
	"ImageOrientationPatientDICOM": [
		0.998733,
		0.0497498,
		0.00753549,
		-0.0493704,
		0.997804,
		-0.044157	],
	"InPlanePhaseEncodingDirectionDICOM": "COL",
	"ConversionSoftware": "dcm2niix",
	"ConversionSoftwareVersion": "v1.0.20181125  GCC4.4.7"
,
"TaskName":"Motor",
"TaskName": "Motor"}
