{
	"Modality": "MR",
	"MagneticFieldStrength": 3,
	"ImagingFrequency": 123.247,
	"Manufacturer": "Siemens",
	"ManufacturersModelName": "Prisma_fit",
	"InstitutionName": "Washington_University",
	"InstitutionAddress": "Scott_Ave_4525_St._Louis_MO_US_63110",
	"DeviceSerialNumber": "67064",
	"StationName": "MRC35177",
	"BodyPartExamined": "BRAIN",
	"PatientPosition": "HFS",
	"ProcedureStepDescription": "head_Dosenbach",
	"SoftwareVersions": "syngo_MR_E11",
	"MRAcquisitionType": "2D",
	"SeriesDescription": "REST_fMRI_AP_2p6mm_MB4_tr1100_te33",
	"ProtocolName": "REST_fMRI_AP_2p6mm_MB4_tr1100_te33",
	"ScanningSequence": "EP",
	"SequenceVariant": "SK_SS",
	"ScanOptions": "FS",
	"SequenceName": "epfid2d1_90",
	"ImageType": ["ORIGINAL", "PRIMARY", "M", "MB", "ND", "NORM", "MOSAIC"],
	"SeriesNumber": 12,
	"AcquisitionTime": "21:02:51.270000",
	"AcquisitionNumber": 1,
	"ImageComments": "Unaliased_MB4_PE3_LB",
	"SliceThickness": 2.6,
	"SpacingBetweenSlices": 2.6,
	"SAR": 0.092273,
	"EchoTime": 0.033,
	"RepetitionTime": 1.1,
	"FlipAngle": 84,
	"PartialFourier": 1,
	"BaseResolution": 90,
	"ShimSetting": [
		-2011,
		-11500,
		5779,
		419,
		-4,
		29,
		-119,
		-35	],
	"TxRefAmp": 219.814,
	"PhaseResolution": 1,
	"VendorReportedEchoSpacing": 0.00059,
	"ReceiveCoilName": "HeadNeck_64",
	"ReceiveCoilActiveElements": "HC1-7",
	"PulseSequenceDetails": "%CustomerSeq%_cmrr_mbep2d_bold",
	"WipMemBlock": "7f633ddb-082d-4385-8193-524b78aa6946||Sequence: ve11c/master r/068cfa9; Jul 21 2016 14:39:26 by eja",
	"ConsistencyInfo": "N4_VE11C_LATEST_20160120",
	"MultibandAccelerationFactor": 4,
	"PercentPhaseFOV": 100,
	"EchoTrainLength": 90,
	"PhaseEncodingSteps": 90,
	"AcquisitionMatrixPE": 90,
	"ReconMatrixPE": 90,
	"BandwidthPerPixelPhaseEncode": 18.832,
	"EffectiveEchoSpacing": 0.000590012,
	"DerivedVendorReportedEchoSpacing": 0.000590012,
	"TotalReadoutTime": 0.0525111,
	"PixelBandwidth": 2220,
	"PhaseEncodingDirection": "j-",
	"SliceTiming": [
		0,
		0.23,
		0.4625,
		0.6925,
		0.925,
		0.075,
		0.3075,
		0.54,
		0.77,
		1.0025,
		0.1525,
		0.385,
		0.615,
		0.8475,
		0,
		0.23,
		0.4625,
		0.6925,
		0.925,
		0.075,
		0.3075,
		0.54,
		0.77,
		1.0025,
		0.1525,
		0.385,
		0.615,
		0.8475,
		0,
		0.23,
		0.4625,
		0.6925,
		0.925,
		0.075,
		0.3075,
		0.54,
		0.77,
		1.0025,
		0.1525,
		0.385,
		0.615,
		0.8475,
		0,
		0.23,
		0.4625,
		0.6925,
		0.925,
		0.075,
		0.3075,
		0.54,
		0.77,
		1.0025,
		0.1525,
		0.385,
		0.615,
		0.8475	],
	"ImageOrientationPatientDICOM": [
		0.996038,
		0.00860462,
		0.0885065,
		-0.00295528,
		0.997961,
		-0.0637637	],
	"InPlanePhaseEncodingDirectionDICOM": "COL",
	"ConversionSoftware": "dcm2niix",
	"ConversionSoftwareVersion": "v1.0.20181125  GCC4.4.7"
,
"TaskName":"Motor"}
