{
	"Modality": "MR",
	"MagneticFieldStrength": 3,
	"ImagingFrequency": 123.247,
	"Manufacturer": "Siemens",
	"ManufacturersModelName": "Prisma_fit",
	"InstitutionName": "Washington_University",
	"InstitutionalDepartmentName": "Department",
	"InstitutionAddress": "Scott_Ave_4525_St._Louis_MO_US_63110",
	"DeviceSerialNumber": "67064",
	"StationName": "MRC35177",
	"BodyPartExamined": "HEAD",
	"PatientPosition": "HFS",
	"ProcedureStepDescription": "head_Dosenbach",
	"SoftwareVersions": "syngo_MR_E11",
	"MRAcquisitionType": "2D",
	"SeriesDescription": "SpinEchoFieldMap_AP_2p6mm_56sl",
	"ProtocolName": "SpinEchoFieldMap_AP_2p6mm_56sl",
	"ScanningSequence": "EP",
	"SequenceVariant": "SK",
	"ScanOptions": "FS",
	"SequenceName": "epse2d1_90",
	"ImageType": ["ORIGINAL", "PRIMARY", "M", "ND", "NORM", "MOSAIC"],
	"SeriesNumber": 8,
	"AcquisitionTime": "21:03:40.845000",
	"AcquisitionNumber": 1,
	"SliceThickness": 2.6,
	"SpacingBetweenSlices": 2.6,
	"SAR": 0.151376,
	"EchoTime": 0.06,
	"RepetitionTime": 5.7,
	"FlipAngle": 90,
	"PartialFourier": 1,
	"BaseResolution": 90,
	"ShimSetting": [
		-1996,
		-11494,
		5689,
		335,
		28,
		27,
		-102,
		-74	],
	"TxRefAmp": 230.232,
	"PhaseResolution": 1,
	"VendorReportedEchoSpacing": 0.00059,
	"ReceiveCoilName": "HeadNeck_64",
	"ReceiveCoilActiveElements": "HC1-7",
	"PulseSequenceDetails": "%CustomerSeq%_cmrr_mbep2d_se",
	"WipMemBlock": "47299e37-8e4d-4f44-bc1d-6c788458db9e||Sequence: ve11c/master r/068cfa9; Jul 21 2016 14:59:29 by eja",
	"ConsistencyInfo": "N4_VE11C_LATEST_20160120",
	"PercentPhaseFOV": 100,
	"EchoTrainLength": 90,
	"PhaseEncodingSteps": 90,
	"AcquisitionMatrixPE": 90,
	"ReconMatrixPE": 90,
	"BandwidthPerPixelPhaseEncode": 18.832,
	"EffectiveEchoSpacing": 0.000590012,
	"DerivedVendorReportedEchoSpacing": 0.000590012,
	"TotalReadoutTime": 0.0525111,
	"PixelBandwidth": 2220,
	"DwellTime": 2.5e-06,
	"PhaseEncodingDirection": "j-",
	"SliceTiming": [
		2.84,
		0,
		2.94,
		0.1,
		3.0425,
		0.2025,
		3.145,
		0.305,
		3.245,
		0.405,
		3.3475,
		0.5075,
		3.4475,
		0.6075,
		3.55,
		0.71,
		3.65,
		0.81,
		3.7525,
		0.9125,
		3.855,
		1.015,
		3.955,
		1.115,
		4.0575,
		1.2175,
		4.1575,
		1.3175,
		4.26,
		1.42,
		4.36,
		1.52,
		4.4625,
		1.6225,
		4.5625,
		1.725,
		4.665,
		1.825,
		4.7675,
		1.9275,
		4.8675,
		2.0275,
		4.97,
		2.13,
		5.07,
		2.23,
		5.1725,
		2.3325,
		5.2725,
		2.435,
		5.375,
		2.535,
		5.4775,
		2.6375,
		5.5775,
		2.7375	],
	"ImageOrientationPatientDICOM": [
		0.997678,
		-0.00539836,
		0.0678955,
		0.00679104,
		0.999771,
		-0.0202981	],
	"InPlanePhaseEncodingDirectionDICOM": "COL",
	"ConversionSoftware": "dcm2niix",
	"ConversionSoftwareVersion": "v1.0.20181125  GCC4.4.7"
}
