{
	"Modality": "MR",
	"MagneticFieldStrength": 3,
	"ImagingFrequency": 123.247,
	"Manufacturer": "Siemens",
	"ManufacturersModelName": "Prisma_fit",
	"InstitutionName": "Washington_University",
	"InstitutionalDepartmentName": "Department",
	"InstitutionAddress": "Scott_Ave_4525_St._Louis_MO_US_63110",
	"DeviceSerialNumber": "67064",
	"StationName": "MRC35177",
	"BodyPartExamined": "HEAD",
	"PatientPosition": "HFS",
	"ProcedureStepDescription": "head_Dosenbach",
	"SoftwareVersions": "syngo_MR_E11",
	"MRAcquisitionType": "3D",
	"SeriesDescription": "T2w_SPC",
	"ProtocolName": "T2w_SPC",
	"ScanningSequence": "SE",
	"SequenceVariant": "SK_SP",
	"ScanOptions": "PFP",
	"SequenceName": "_spc_314ns",
	"ImageType": ["ORIGINAL", "PRIMARY", "M", "ND", "NORM"],
	"SeriesNumber": 23,
	"AcquisitionTime": "22:11:31.822500",
	"AcquisitionNumber": 1,
	"SliceThickness": 0.8,
	"SAR": 0.120917,
	"EchoTime": 0.563,
	"RepetitionTime": 3.2,
	"FlipAngle": 120,
	"PartialFourier": 1,
	"BaseResolution": 320,
	"ShimSetting": [
		-2003,
		-11574,
		5834,
		418,
		30,
		-433,
		18,
		-50	],
	"TxRefAmp": 212.514,
	"PhaseResolution": 1,
	"ReceiveCoilName": "HeadNeck_64",
	"ReceiveCoilActiveElements": "HC1-7;NC1,2",
	"CoilString": "HC1-7;NC1_2",
	"PulseSequenceDetails": "%SiemensSeq%_tse_vfl",
	"ConsistencyInfo": "N4_VE11C_LATEST_20160120",
	"PercentPhaseFOV": 93.75,
	"EchoTrainLength": 314,
	"PhaseEncodingSteps": 297,
	"AcquisitionMatrixPE": 300,
	"ReconMatrixPE": 320,
	"PixelBandwidth": 745,
	"DwellTime": 2.1e-06,
	"ImageOrientationPatientDICOM": [
		-0.0897693,
		0.992785,
		-0.0794963,
		0.0201733,
		-0.0779897,
		-0.99675	],
	"InPlanePhaseEncodingDirectionDICOM": "ROW",
	"ConversionSoftware": "dcm2niix",
	"ConversionSoftwareVersion": "v1.0.20181125  GCC4.4.7"
}
