{
	"Modality": "MR",
	"MagneticFieldStrength": 3,
	"ImagingFrequency": 123.247,
	"Manufacturer": "Siemens",
	"ManufacturersModelName": "Prisma_fit",
	"InstitutionName": "Washington_University",
	"InstitutionalDepartmentName": "Department",
	"InstitutionAddress": "Scott_Ave_4525_St._Louis_MO_US_63110",
	"DeviceSerialNumber": "67064",
	"StationName": "MRC35177",
	"BodyPartExamined": "HEAD",
	"PatientPosition": "HFS",
	"ProcedureStepDescription": "head_Dosenbach",
	"SoftwareVersions": "syngo_MR_E11",
	"MRAcquisitionType": "2D",
	"SeriesDescription": "SpinEchoFieldMap_PA_2p6mm_56sl",
	"ProtocolName": "SpinEchoFieldMap_PA_2p6mm_56sl",
	"ScanningSequence": "EP",
	"SequenceVariant": "SK",
	"ScanOptions": "FS",
	"SequenceName": "epse2d1_88",
	"ImageType": ["ORIGINAL", "PRIMARY", "M", "ND", "MOSAIC"],
	"SeriesNumber": 9,
	"AcquisitionTime": "21:10:9.167500",
	"AcquisitionNumber": 1,
	"SliceThickness": 2.6,
	"SpacingBetweenSlices": 2.6,
	"SAR": 0.170211,
	"EchoTime": 0.06,
	"RepetitionTime": 5.7,
	"FlipAngle": 90,
	"PartialFourier": 1,
	"BaseResolution": 90,
	"ShimSetting": [
		-1985,
		-11528,
		5785,
		421,
		13,
		33,
		-73,
		-6	],
	"TxRefAmp": 239.786,
	"PhaseResolution": 1,
	"VendorReportedEchoSpacing": 0.00059,
	"ReceiveCoilName": "HeadNeck_64",
	"ReceiveCoilActiveElements": "HC1-7",
	"PulseSequenceDetails": "%CustomerSeq%_cmrr_mbep2d_se",
	"WipMemBlock": "15494092-9da0-4e89-9fed-69f03994bbc2||Sequence: ve11c/master r/b8bea8f; Mar  2 2017 17:17:24 by eja",
	"ConsistencyInfo": "N4_VE11C_LATEST_20160120",
	"PercentPhaseFOV": 97.7778,
	"EchoTrainLength": 88,
	"PhaseEncodingSteps": 88,
	"AcquisitionMatrixPE": 88,
	"ReconMatrixPE": 88,
	"BandwidthPerPixelPhaseEncode": 19.26,
	"EffectiveEchoSpacing": 0.000590012,
	"DerivedVendorReportedEchoSpacing": 0.000590012,
	"TotalReadoutTime": 0.0513311,
	"PixelBandwidth": 2220,
	"DwellTime": 2.5e-06,
	"PhaseEncodingDirection": "j",
	"SliceTiming": [
		2.84,
		0,
		2.9425,
		0.1025,
		3.0425,
		0.2025,
		3.145,
		0.305,
		3.245,
		0.4075,
		3.3475,
		0.5075,
		3.45,
		0.61,
		3.55,
		0.71,
		3.6525,
		0.8125,
		3.7525,
		0.9125,
		3.855,
		1.015,
		3.955,
		1.1175,
		4.0575,
		1.2175,
		4.16,
		1.32,
		4.26,
		1.42,
		4.3625,
		1.5225,
		4.4625,
		1.6225,
		4.565,
		1.725,
		4.665,
		1.8275,
		4.7675,
		1.9275,
		4.87,
		2.03,
		4.97,
		2.13,
		5.0725,
		2.2325,
		5.1725,
		2.3325,
		5.275,
		2.435,
		5.375,
		2.535,
		5.4775,
		2.6375,
		5.58,
		2.74	],
	"ImageOrientationPatientDICOM": [
		0.991996,
		0.0519146,
		0.115103,
		-0.0518148,
		0.998649,
		-0.00386086	],
	"InPlanePhaseEncodingDirectionDICOM": "COL",
	"ConversionSoftware": "dcm2niix",
	"ConversionSoftwareVersion": "v1.0.20181125  GCC4.4.7"
}
