{
	"Modality": "MR",
	"MagneticFieldStrength": 3,
	"ImagingFrequency": 123.247,
	"Manufacturer": "Siemens",
	"ManufacturersModelName": "Prisma_fit",
	"InstitutionName": "Washington_University",
	"InstitutionalDepartmentName": "Department",
	"InstitutionAddress": "Scott_Ave_4525_St._Louis_MO_US_63110",
	"DeviceSerialNumber": "67064",
	"StationName": "MRC35177",
	"BodyPartExamined": "HEAD",
	"PatientPosition": "HFS",
	"ProcedureStepDescription": "head_Dosenbach",
	"SoftwareVersions": "syngo_MR_E11",
	"MRAcquisitionType": "2D",
	"SeriesDescription": "SpinEchoFieldMap_PA_2p6mm_56sl",
	"ProtocolName": "SpinEchoFieldMap_PA_2p6mm_56sl",
	"ScanningSequence": "EP",
	"SequenceVariant": "SK",
	"ScanOptions": "FS",
	"SequenceName": "epse2d1_88",
	"ImageType": ["ORIGINAL", "PRIMARY", "M", "ND", "NORM", "MOSAIC"],
	"SeriesNumber": 10,
	"AcquisitionTime": "21:18:6.170000",
	"AcquisitionNumber": 1,
	"SliceThickness": 2.6,
	"SpacingBetweenSlices": 2.6,
	"SAR": 0.127428,
	"EchoTime": 0.06,
	"RepetitionTime": 5.7,
	"FlipAngle": 90,
	"PartialFourier": 1,
	"BaseResolution": 90,
	"ShimSetting": [
		-1989,
		-11482,
		5683,
		319,
		26,
		38,
		-75,
		-73	],
	"TxRefAmp": 217.261,
	"PhaseResolution": 1,
	"VendorReportedEchoSpacing": 0.00059,
	"ReceiveCoilName": "HeadNeck_64",
	"ReceiveCoilActiveElements": "HC1-7",
	"PulseSequenceDetails": "%CustomerSeq%_cmrr_mbep2d_se",
	"WipMemBlock": "d5253234-f464-4436-9bcf-dc64572ba551||Sequence: ve11c/master r/ab69a6c; Apr 19 2017 10:08:21 by eja",
	"ConsistencyInfo": "N4_VE11C_LATEST_20160120",
	"PercentPhaseFOV": 97.7778,
	"PercentSampling": 100,
	"EchoTrainLength": 88,
	"PhaseEncodingSteps": 88,
	"AcquisitionMatrixPE": 88,
	"ReconMatrixPE": 88,
	"BandwidthPerPixelPhaseEncode": 19.26,
	"EffectiveEchoSpacing": 0.000590012,
	"DerivedVendorReportedEchoSpacing": 0.000590012,
	"TotalReadoutTime": 0.0513311,
	"PixelBandwidth": 2220,
	"DwellTime": 2.5e-06,
	"PhaseEncodingDirection": "j",
	"SliceTiming": [
		2.84,
		0,
		2.94,
		0.1,
		3.0425,
		0.2025,
		3.1425,
		0.3025,
		3.245,
		0.405,
		3.345,
		0.5075,
		3.4475,
		0.6075,
		3.55,
		0.71,
		3.65,
		0.81,
		3.7525,
		0.9125,
		3.8525,
		1.0125,
		3.955,
		1.115,
		4.055,
		1.2175,
		4.1575,
		1.3175,
		4.26,
		1.42,
		4.36,
		1.52,
		4.4625,
		1.6225,
		4.5625,
		1.7225,
		4.665,
		1.825,
		4.765,
		1.925,
		4.8675,
		2.0275,
		4.97,
		2.13,
		5.07,
		2.23,
		5.1725,
		2.3325,
		5.2725,
		2.4325,
		5.375,
		2.535,
		5.475,
		2.635,
		5.5775,
		2.7375	],
	"ImageOrientationPatientDICOM": [
		0.999047,
		-0.00108492,
		0.0436437,
		0.0013949,
		0.999974,
		-0.00707273	],
	"InPlanePhaseEncodingDirectionDICOM": "COL",
	"ConversionSoftware": "dcm2niix",
	"ConversionSoftwareVersion": "v1.0.20200331"
}
