{
	"Modality": "MR",
	"MagneticFieldStrength": 3,
	"ImagingFrequency": 123.256,
	"Manufacturer": "Siemens",
	"ManufacturersModelName": "TrioTim",
	"InstitutionName": "Washington_University",
	"InstitutionalDepartmentName": "Department",
	"InstitutionAddress": "Scott_Ave._4525_St._Louis_MO_US_63110",
	"DeviceSerialNumber": "35177",
	"StationName": "MRC35177",
	"BodyPartExamined": "HEAD",
	"PatientPosition": "HFS",
	"ProcedureStepDescription": "head_Dosenbach_MSC",
	"SoftwareVersions": "syngo_MR_B17",
	"MRAcquisitionType": "2D",
	"SeriesDescription": "RSFC_818Frames_36Slices_TR2.2",
	"ProtocolName": "RSFC_818Frames_36Slices_TR2.2",
	"ScanningSequence": "EP",
	"SequenceVariant": "SK",
	"ScanOptions": "FS",
	"SequenceName": "_epfid2d1_64",
	"ImageType": ["ORIGINAL", "PRIMARY", "M", "ND", "NORM", "MOSAIC"],
	"SeriesNumber": 9,
	"AcquisitionTime": "05:54:45.725000",
	"AcquisitionNumber": 1,
	"SliceThickness": 4,
	"SpacingBetweenSlices": 4,
	"SAR": 0.23295,
	"EchoTime": 0.027,
	"RepetitionTime": 2.2,
	"FlipAngle": 90,
	"PartialFourier": 1,
	"BaseResolution": 64,
	"ShimSetting": [
		-187,
		-19510,
		7995,
		294,
		-23,
		-316,
		263,
		-61	],
	"TxRefAmp": 340.542,
	"PhaseResolution": 1,
	"ReceiveCoilName": "HeadMatrix",
	"CoilString": "t:HEA;HEP",
	"PulseSequenceDetails": "%SiemensSeq%_ep2d_bold",
	"PercentPhaseFOV": 100,
	"PhaseEncodingSteps": 64,
	"AcquisitionMatrixPE": 64,
	"ReconMatrixPE": 64,
	"BandwidthPerPixelPhaseEncode": 26.483,
	"EffectiveEchoSpacing": 0.000590001,
	"DerivedVendorReportedEchoSpacing": 0.000590001,
	"TotalReadoutTime": 0.0371701,
	"PixelBandwidth": 1905,
	"DwellTime": 4.1e-06,
	"PhaseEncodingDirection": "j-",
	"SliceTiming": [
		1.1025,
		0,
		1.165,
		0.06,
		1.225,
		0.1225,
		1.2875,
		0.1825,
		1.3475,
		0.245,
		1.41,
		0.305,
		1.4725,
		0.3675,
		1.5325,
		0.4275,
		1.595,
		0.49,
		1.655,
		0.55,
		1.7175,
		0.6125,
		1.7775,
		0.675,
		1.84,
		0.735,
		1.9,
		0.7975,
		1.9625,
		0.8575,
		2.0225,
		0.92,
		2.085,
		0.98,
		2.145,
		1.0425	],
	"ImageOrientationPatientDICOM": [
		0.995608,
		-0.0932091,
		0.0088055,
		0.0933442,
		0.995498,
		-0.0164333	],
	"InPlanePhaseEncodingDirectionDICOM": "COL",
	"ConversionSoftware": "dcm2niix",
	"ConversionSoftwareVersion": "v1.0.20181125  GCC4.4.7"
,
"TaskName": "Motor"}
