{
	"Modality": "MR",
	"MagneticFieldStrength": 3,
	"ImagingFrequency": 123.247,
	"Manufacturer": "Siemens",
	"ManufacturersModelName": "Prisma_fit",
	"InstitutionName": "Washington_University",
	"InstitutionalDepartmentName": "Department",
	"InstitutionAddress": "Scott_Ave_4525_St._Louis_MO_US_63110",
	"DeviceSerialNumber": "67064",
	"StationName": "MRC35177",
	"BodyPartExamined": "HEAD",
	"PatientPosition": "HFS",
	"ProcedureStepDescription": "head_Dosenbach",
	"SoftwareVersions": "syngo_MR_E11",
	"MRAcquisitionType": "2D",
	"SeriesDescription": "SpinEchoFieldMap_PA_2p6mm_56sl",
	"ProtocolName": "SpinEchoFieldMap_PA_2p6mm_56sl",
	"ScanningSequence": "EP",
	"SequenceVariant": "SK",
	"ScanOptions": "FS",
	"SequenceName": "epse2d1_88",
	"ImageType": ["ORIGINAL", "PRIMARY", "M", "ND", "NORM", "MOSAIC"],
	"SeriesNumber": 10,
	"AcquisitionTime": "21:08:50.152500",
	"AcquisitionNumber": 1,
	"SliceThickness": 2.6,
	"SpacingBetweenSlices": 2.6,
	"SAR": 0.153421,
	"EchoTime": 0.06,
	"RepetitionTime": 5.7,
	"FlipAngle": 90,
	"PartialFourier": 1,
	"BaseResolution": 90,
	"ShimSetting": [
		-2012,
		-11502,
		5875,
		460,
		0,
		24,
		-23,
		-39	],
	"TxRefAmp": 233.88,
	"PhaseResolution": 1,
	"VendorReportedEchoSpacing": 0.00059,
	"ReceiveCoilName": "HeadNeck_64",
	"ReceiveCoilActiveElements": "HC1-7",
	"PulseSequenceDetails": "%CustomerSeq%_cmrr_mbep2d_se",
	"WipMemBlock": "c550cf41-9ee5-43bd-9544-8d715d5f5dc4||Sequence: ve11c/master r/068cfa9; Jul 21 2016 14:59:29 by eja",
	"ConsistencyInfo": "N4_VE11C_LATEST_20160120",
	"PercentPhaseFOV": 97.7778,
	"EchoTrainLength": 88,
	"PhaseEncodingSteps": 88,
	"AcquisitionMatrixPE": 88,
	"ReconMatrixPE": 88,
	"BandwidthPerPixelPhaseEncode": 19.26,
	"EffectiveEchoSpacing": 0.000590012,
	"DerivedVendorReportedEchoSpacing": 0.000590012,
	"TotalReadoutTime": 0.0513311,
	"PixelBandwidth": 2220,
	"DwellTime": 2.5e-06,
	"PhaseEncodingDirection": "j",
	"SliceTiming": [
		2.84,
		0,
		2.94,
		0.1,
		3.0425,
		0.2025,
		3.1425,
		0.3025,
		3.245,
		0.405,
		3.345,
		0.505,
		3.4475,
		0.6075,
		3.5475,
		0.71,
		3.65,
		0.81,
		3.7525,
		0.9125,
		3.8525,
		1.0125,
		3.955,
		1.115,
		4.055,
		1.215,
		4.1575,
		1.3175,
		4.2575,
		1.42,
		4.36,
		1.52,
		4.4625,
		1.6225,
		4.5625,
		1.7225,
		4.665,
		1.825,
		4.765,
		1.925,
		4.8675,
		2.0275,
		4.9675,
		2.13,
		5.07,
		2.23,
		5.1725,
		2.3325,
		5.2725,
		2.4325,
		5.375,
		2.535,
		5.475,
		2.635,
		5.5775,
		2.7375	],
	"ImageOrientationPatientDICOM": [
		0.996896,
		0.000478286,
		0.0787272,
		0.0038278,
		0.998504,
		-0.0545363	],
	"InPlanePhaseEncodingDirectionDICOM": "COL",
	"ConversionSoftware": "dcm2niix",
	"ConversionSoftwareVersion": "v1.0.20181125  GCC4.4.7"
}
