{
	"Modality": "MR",
	"MagneticFieldStrength": 3,
	"ImagingFrequency": 123.247,
	"Manufacturer": "Siemens",
	"ManufacturersModelName": "Prisma_fit",
	"InstitutionName": "Washington_University",
	"InstitutionalDepartmentName": "Department",
	"InstitutionAddress": "Scott_Ave_4525_St._Louis_MO_US_63110",
	"DeviceSerialNumber": "67064",
	"StationName": "MRC35177",
	"BodyPartExamined": "HEAD",
	"PatientPosition": "HFS",
	"ProcedureStepDescription": "head_Dosenbach",
	"SoftwareVersions": "syngo_MR_E11",
	"MRAcquisitionType": "2D",
	"SeriesDescription": "REST_fMRI_AP_2p6mm_MB4_tr1100_te33",
	"ProtocolName": "REST_fMRI_AP_2p6mm_MB4_tr1100_te33",
	"ScanningSequence": "EP",
	"SequenceVariant": "SK_SS",
	"ScanOptions": "FS",
	"SequenceName": "epfid2d1_90",
	"ImageType": ["ORIGINAL", "PRIMARY", "M", "MB", "ND", "NORM", "MOSAIC"],
	"SeriesNumber": 12,
	"AcquisitionTime": "21:22:43.525000",
	"AcquisitionNumber": 1,
	"ImageComments": "Unaliased_MB4_PE3_LB",
	"SliceThickness": 2.6,
	"SpacingBetweenSlices": 2.6,
	"SAR": 0.0835629,
	"EchoTime": 0.033,
	"RepetitionTime": 1.1,
	"FlipAngle": 84,
	"PartialFourier": 1,
	"BaseResolution": 90,
	"ShimSetting": [
		-1995,
		-11520,
		5848,
		516,
		34,
		-166,
		-47,
		-52	],
	"TxRefAmp": 211.211,
	"PhaseResolution": 1,
	"VendorReportedEchoSpacing": 0.00059,
	"ReceiveCoilName": "HeadNeck_64",
	"ReceiveCoilActiveElements": "HC1-7",
	"PulseSequenceDetails": "%CustomerSeq%_cmrr_mbep2d_bold",
	"WipMemBlock": "5257dba9-de18-478d-9fd5-453092300c87||Sequence: R016 ve11c/master r/e634e98; Dec 19 2017 11:00:25 by eja",
	"ConsistencyInfo": "N4_VE11C_LATEST_20160120",
	"MultibandAccelerationFactor": 4,
	"PercentPhaseFOV": 100,
	"PercentSampling": 100,
	"EchoTrainLength": 90,
	"PhaseEncodingSteps": 90,
	"AcquisitionMatrixPE": 90,
	"ReconMatrixPE": 90,
	"BandwidthPerPixelPhaseEncode": 18.832,
	"EffectiveEchoSpacing": 0.000590012,
	"DerivedVendorReportedEchoSpacing": 0.000590012,
	"TotalReadoutTime": 0.0525111,
	"PixelBandwidth": 2220,
	"DwellTime": 2.5e-06,
	"PhaseEncodingDirection": "j-",
	"SliceTiming": [
		0,
		0.2325,
		0.465,
		0.695,
		0.9275,
		0.0775,
		0.31,
		0.54,
		0.7725,
		1.005,
		0.155,
		0.3875,
		0.6175,
		0.85,
		0,
		0.2325,
		0.465,
		0.695,
		0.9275,
		0.0775,
		0.31,
		0.54,
		0.7725,
		1.005,
		0.155,
		0.3875,
		0.6175,
		0.85,
		0,
		0.2325,
		0.465,
		0.695,
		0.9275,
		0.0775,
		0.31,
		0.54,
		0.7725,
		1.005,
		0.155,
		0.3875,
		0.6175,
		0.85,
		0,
		0.2325,
		0.465,
		0.695,
		0.9275,
		0.0775,
		0.31,
		0.54,
		0.7725,
		1.005,
		0.155,
		0.3875,
		0.6175,
		0.85	],
	"ImageOrientationPatientDICOM": [
		0.997845,
		0.0484284,
		0.0442651,
		-0.0442648,
		0.9949,
		-0.0906356	],
	"InPlanePhaseEncodingDirectionDICOM": "COL",
	"ConversionSoftware": "dcm2niix",
	"ConversionSoftwareVersion": "v1.0.20200331"
,
	"TaskName": "rest"
}
