{
	"Modality": "MR",
	"MagneticFieldStrength": 3,
	"ImagingFrequency": 123.247,
	"Manufacturer": "Siemens",
	"ManufacturersModelName": "Prisma_fit",
	"InstitutionName": "Washington_University",
	"InstitutionalDepartmentName": "Department",
	"InstitutionAddress": "Scott_Ave_4525_St._Louis_MO_US_63110",
	"DeviceSerialNumber": "67064",
	"StationName": "MRC35177",
	"BodyPartExamined": "HEAD",
	"PatientPosition": "HFS",
	"ProcedureStepDescription": "head_Dosenbach",
	"SoftwareVersions": "syngo_MR_E11",
	"MRAcquisitionType": "2D",
	"SeriesDescription": "SpinEchoFieldMap_PA_2p6mm_56sl",
	"ProtocolName": "SpinEchoFieldMap_PA_2p6mm_56sl",
	"ScanningSequence": "EP",
	"SequenceVariant": "SK",
	"ScanOptions": "FS",
	"SequenceName": "epse2d1_88",
	"ImageType": ["ORIGINAL", "PRIMARY", "M", "ND", "MOSAIC"],
	"SeriesNumber": 9,
	"AcquisitionTime": "21:20:44.105000",
	"AcquisitionNumber": 1,
	"SliceThickness": 2.6,
	"SpacingBetweenSlices": 2.6,
	"SAR": 0.127965,
	"EchoTime": 0.06,
	"RepetitionTime": 5.7,
	"FlipAngle": 90,
	"PartialFourier": 1,
	"BaseResolution": 90,
	"ShimSetting": [
		-2013,
		-11464,
		5843,
		473,
		5,
		70,
		-31,
		-36	],
	"TxRefAmp": 218.665,
	"PhaseResolution": 1,
	"VendorReportedEchoSpacing": 0.00059,
	"ReceiveCoilName": "HeadNeck_64",
	"ReceiveCoilActiveElements": "HC1-7",
	"PulseSequenceDetails": "%CustomerSeq%_cmrr_mbep2d_se",
	"WipMemBlock": "d2e3dc89-f759-4d29-a2c4-53d868bd6c8b||Sequence: ve11c/master r/ab69a6c; Apr 19 2017 10:08:21 by eja",
	"ConsistencyInfo": "N4_VE11C_LATEST_20160120",
	"PercentPhaseFOV": 97.7778,
	"PercentSampling": 100,
	"EchoTrainLength": 88,
	"PhaseEncodingSteps": 88,
	"AcquisitionMatrixPE": 88,
	"ReconMatrixPE": 88,
	"BandwidthPerPixelPhaseEncode": 19.26,
	"EffectiveEchoSpacing": 0.000590012,
	"DerivedVendorReportedEchoSpacing": 0.000590012,
	"TotalReadoutTime": 0.0513311,
	"PixelBandwidth": 2220,
	"DwellTime": 2.5e-06,
	"PhaseEncodingDirection": "j",
	"SliceTiming": [
		2.84,
		0,
		2.9425,
		0.1025,
		3.0425,
		0.2025,
		3.145,
		0.305,
		3.245,
		0.4075,
		3.3475,
		0.5075,
		3.45,
		0.61,
		3.55,
		0.71,
		3.6525,
		0.8125,
		3.7525,
		0.9125,
		3.855,
		1.015,
		3.955,
		1.115,
		4.0575,
		1.2175,
		4.16,
		1.32,
		4.26,
		1.42,
		4.3625,
		1.5225,
		4.4625,
		1.6225,
		4.565,
		1.725,
		4.665,
		1.825,
		4.7675,
		1.9275,
		4.8675,
		2.03,
		4.97,
		2.13,
		5.0725,
		2.2325,
		5.1725,
		2.3325,
		5.275,
		2.435,
		5.375,
		2.535,
		5.4775,
		2.6375,
		5.5775,
		2.74	],
	"ImageOrientationPatientDICOM": [
		0.997627,
		0.0659069,
		0.019892,
		-0.0655629,
		0.997695,
		-0.0174783	],
	"InPlanePhaseEncodingDirectionDICOM": "COL",
	"ConversionSoftware": "dcm2niix",
	"ConversionSoftwareVersion": "v1.0.20200331"
}
