{
	"Modality": "MR",
	"MagneticFieldStrength": 3,
	"ImagingFrequency": 123.247,
	"Manufacturer": "Siemens",
	"ManufacturersModelName": "Prisma_fit",
	"InstitutionName": "Washington_University",
	"InstitutionalDepartmentName": "Department",
	"InstitutionAddress": "Scott_Ave_4525_St._Louis_MO_US_63110",
	"DeviceSerialNumber": "67064",
	"StationName": "MRC35177",
	"BodyPartExamined": "HEAD",
	"PatientPosition": "HFS",
	"ProcedureStepDescription": "head_Dosenbach",
	"SoftwareVersions": "syngo_MR_E11",
	"MRAcquisitionType": "2D",
	"SeriesDescription": "movement_REST_fMRI_AP_2p6mm_MB4_tr1100_te33",
	"ProtocolName": "movement_REST_fMRI_AP_2p6mm_MB4_tr1100_te33",
	"ScanningSequence": "EP",
	"SequenceVariant": "SK_SS",
	"ScanOptions": "FS_EXT",
	"SequenceName": "epfid2d1_90",
	"ImageType": ["ORIGINAL", "PRIMARY", "M", "MB", "ND", "NORM", "MOSAIC"],
	"SeriesNumber": 12,
	"AcquisitionTime": "21:19:17.972500",
	"AcquisitionNumber": 1,
	"ImageComments": "Unaliased_MB4_PE3_LB",
	"SliceThickness": 2.6,
	"SpacingBetweenSlices": 2.6,
	"SAR": 0.0909417,
	"EchoTime": 0.033,
	"RepetitionTime": 1.1,
	"FlipAngle": 84,
	"PartialFourier": 1,
	"BaseResolution": 90,
	"ShimSetting": [
		-1991,
		-11496,
		5835,
		504,
		71,
		-100,
		-63,
		-43	],
	"TxRefAmp": 214.312,
	"PhaseResolution": 1,
	"VendorReportedEchoSpacing": 0.00059,
	"ReceiveCoilName": "HeadNeck_64",
	"ReceiveCoilActiveElements": "HC1-7",
	"PulseSequenceDetails": "%CustomerSeq%_cmrr_mbep2d_bold",
	"WipMemBlock": "c99b921f-3142-4cff-82e1-31476d095f40||Sequence: R016 ve11c/master r/e634e98; Dec 19 2017 11:00:25 by eja",
	"ConsistencyInfo": "N4_VE11C_LATEST_20160120",
	"MultibandAccelerationFactor": 4,
	"PercentPhaseFOV": 100,
	"PercentSampling": 100,
	"EchoTrainLength": 90,
	"PhaseEncodingSteps": 90,
	"AcquisitionMatrixPE": 90,
	"ReconMatrixPE": 90,
	"BandwidthPerPixelPhaseEncode": 18.832,
	"EffectiveEchoSpacing": 0.000590012,
	"DerivedVendorReportedEchoSpacing": 0.000590012,
	"TotalReadoutTime": 0.0525111,
	"PixelBandwidth": 2220,
	"DwellTime": 2.5e-06,
	"PhaseEncodingDirection": "j-",
	"SliceTiming": [
		0,
		0.2325,
		0.4625,
		0.695,
		0.925,
		0.0775,
		0.31,
		0.54,
		0.7725,
		1.0025,
		0.155,
		0.3875,
		0.6175,
		0.85,
		0,
		0.2325,
		0.4625,
		0.695,
		0.925,
		0.0775,
		0.31,
		0.54,
		0.7725,
		1.0025,
		0.155,
		0.3875,
		0.6175,
		0.85,
		0,
		0.2325,
		0.4625,
		0.695,
		0.925,
		0.0775,
		0.31,
		0.54,
		0.7725,
		1.0025,
		0.155,
		0.3875,
		0.6175,
		0.85,
		0,
		0.2325,
		0.4625,
		0.695,
		0.925,
		0.0775,
		0.31,
		0.54,
		0.7725,
		1.0025,
		0.155,
		0.3875,
		0.6175,
		0.85	],
	"ImageOrientationPatientDICOM": [
		0.997822,
		0.0641216,
		0.0154843,
		-0.0619035,
		0.991318,
		-0.116004	],
	"InPlanePhaseEncodingDirectionDICOM": "COL",
	"ConversionSoftware": "dcm2niix",
	"ConversionSoftwareVersion": "v1.0.20200331"
,
	"TaskName": "rest"
}
