{
	"Modality": "MR",
	"MagneticFieldStrength": 3,
	"ImagingFrequency": 123.247,
	"Manufacturer": "Siemens",
	"ManufacturersModelName": "Prisma_fit",
	"InstitutionName": "Washington_University",
	"InstitutionalDepartmentName": "Department",
	"InstitutionAddress": "Scott_Ave_4525_St._Louis_MO_US_63110",
	"DeviceSerialNumber": "67064",
	"StationName": "MRC35177",
	"BodyPartExamined": "HEAD",
	"PatientPosition": "HFS",
	"ProcedureStepDescription": "head_Dosenbach",
	"SoftwareVersions": "syngo_MR_E11",
	"MRAcquisitionType": "2D",
	"SeriesDescription": "REST_fMRI_AP_2p6mm_MB4_tr1100_te33",
	"ProtocolName": "REST_fMRI_AP_2p6mm_MB4_tr1100_te33",
	"ScanningSequence": "EP",
	"SequenceVariant": "SK_SS",
	"ScanOptions": "FS",
	"SequenceName": "epfid2d1_90",
	"ImageType": ["ORIGINAL", "PRIMARY", "M", "MB", "ND", "NORM", "MOSAIC"],
	"SeriesNumber": 12,
	"AcquisitionTime": "13:00:28.975000",
	"AcquisitionNumber": 1,
	"ImageComments": "Unaliased_MB4_PE3_LB",
	"SliceThickness": 2.6,
	"SpacingBetweenSlices": 2.6,
	"SAR": 0.109838,
	"EchoTime": 0.033,
	"RepetitionTime": 1.1,
	"FlipAngle": 84,
	"PartialFourier": 1,
	"BaseResolution": 90,
	"ShimSetting": [
		-2010,
		-11473,
		5860,
		503,
		10,
		-3,
		14,
		-16	],
	"TxRefAmp": 245.665,
	"PhaseResolution": 1,
	"VendorReportedEchoSpacing": 0.00059,
	"ReceiveCoilName": "HeadNeck_64",
	"ReceiveCoilActiveElements": "HC1-7",
	"PulseSequenceDetails": "%CustomerSeq%_cmrr_mbep2d_bold",
	"WipMemBlock": "7e3ff6bb-461a-424b-8d90-c49b11f3fdb8||Sequence: R016 ve11c/master r/e634e98; Dec 19 2017 11:00:25 by eja",
	"ConsistencyInfo": "N4_VE11C_LATEST_20160120",
	"MultibandAccelerationFactor": 4,
	"PercentPhaseFOV": 100,
	"PercentSampling": 100,
	"EchoTrainLength": 90,
	"PhaseEncodingSteps": 90,
	"AcquisitionMatrixPE": 90,
	"ReconMatrixPE": 90,
	"BandwidthPerPixelPhaseEncode": 18.832,
	"EffectiveEchoSpacing": 0.000590012,
	"DerivedVendorReportedEchoSpacing": 0.000590012,
	"TotalReadoutTime": 0.0525111,
	"PixelBandwidth": 2220,
	"DwellTime": 2.5e-06,
	"PhaseEncodingDirection": "j-",
	"SliceTiming": [
		0,
		0.23,
		0.4625,
		0.6925,
		0.925,
		0.075,
		0.3075,
		0.54,
		0.77,
		1.0025,
		0.1525,
		0.385,
		0.615,
		0.8475,
		0,
		0.23,
		0.4625,
		0.6925,
		0.925,
		0.075,
		0.3075,
		0.54,
		0.77,
		1.0025,
		0.1525,
		0.385,
		0.615,
		0.8475,
		0,
		0.23,
		0.4625,
		0.6925,
		0.925,
		0.075,
		0.3075,
		0.54,
		0.77,
		1.0025,
		0.1525,
		0.385,
		0.615,
		0.8475,
		0,
		0.23,
		0.4625,
		0.6925,
		0.925,
		0.075,
		0.3075,
		0.54,
		0.77,
		1.0025,
		0.1525,
		0.385,
		0.615,
		0.8475	],
	"ImageOrientationPatientDICOM": [
		0.999313,
		0.0354126,
		-0.0109346,
		-0.0364685,
		0.992134,
		-0.119748	],
	"InPlanePhaseEncodingDirectionDICOM": "COL",
	"ConversionSoftware": "dcm2niix",
	"ConversionSoftwareVersion": "v1.0.20200331"
,
	"TaskName": "rest"
}
