{
	"Modality": "MR",
	"MagneticFieldStrength": 3,
	"ImagingFrequency": 123.247,
	"Manufacturer": "Siemens",
	"ManufacturersModelName": "Prisma_fit",
	"InstitutionName": "Washington_University",
	"InstitutionalDepartmentName": "Department",
	"InstitutionAddress": "Scott_Ave_4525_St._Louis_MO_US_63110",
	"DeviceSerialNumber": "67064",
	"StationName": "MRC35177",
	"BodyPartExamined": "BRAIN",
	"PatientPosition": "HFS",
	"ProcedureStepDescription": "head_Dosenbach",
	"SoftwareVersions": "syngo_MR_E11",
	"MRAcquisitionType": "2D",
	"SeriesDescription": "SpinEchoFieldMap_PA_2p6mm_56sl",
	"ProtocolName": "SpinEchoFieldMap_PA_2p6mm_56sl",
	"ScanningSequence": "EP",
	"SequenceVariant": "SK",
	"ScanOptions": "FS",
	"SequenceName": "epse2d1_88",
	"ImageType": ["ORIGINAL", "PRIMARY", "M", "ND", "MOSAIC"],
	"SeriesNumber": 9,
	"AcquisitionTime": "21:09:40.062500",
	"AcquisitionNumber": 1,
	"SliceThickness": 2.6,
	"SpacingBetweenSlices": 2.6,
	"SAR": 0.139358,
	"EchoTime": 0.06,
	"RepetitionTime": 5.7,
	"FlipAngle": 90,
	"PartialFourier": 1,
	"BaseResolution": 90,
	"ShimSetting": [
		-2011,
		-11524,
		5749,
		360,
		38,
		-84,
		-20,
		-29	],
	"TxRefAmp": 221.814,
	"PhaseResolution": 1,
	"VendorReportedEchoSpacing": 0.00059,
	"ReceiveCoilName": "HeadNeck_64",
	"ReceiveCoilActiveElements": "HC1-7;NC1,2",
	"CoilString": "HC1-7;NC1_2",
	"PulseSequenceDetails": "%CustomerSeq%_cmrr_mbep2d_se",
	"WipMemBlock": "4b608150-91c0-409d-b309-68632ec8f12f||Sequence: ve11c/master r/068cfa9; Jul 21 2016 14:59:29 by eja",
	"ConsistencyInfo": "N4_VE11C_LATEST_20160120",
	"PercentPhaseFOV": 97.7778,
	"EchoTrainLength": 88,
	"PhaseEncodingSteps": 88,
	"AcquisitionMatrixPE": 88,
	"ReconMatrixPE": 88,
	"BandwidthPerPixelPhaseEncode": 19.26,
	"EffectiveEchoSpacing": 0.000590012,
	"DerivedVendorReportedEchoSpacing": 0.000590012,
	"TotalReadoutTime": 0.0513311,
	"PixelBandwidth": 2220,
	"DwellTime": 2.5e-06,
	"PhaseEncodingDirection": "j",
	"SliceTiming": [
		2.84,
		0,
		2.9425,
		0.1025,
		3.045,
		0.205,
		3.145,
		0.305,
		3.2475,
		0.4075,
		3.3475,
		0.5075,
		3.45,
		0.61,
		3.55,
		0.71,
		3.6525,
		0.8125,
		3.7525,
		0.915,
		3.855,
		1.015,
		3.9575,
		1.1175,
		4.0575,
		1.2175,
		4.16,
		1.32,
		4.26,
		1.42,
		4.3625,
		1.5225,
		4.4625,
		1.625,
		4.565,
		1.725,
		4.6675,
		1.8275,
		4.7675,
		1.9275,
		4.87,
		2.03,
		4.97,
		2.13,
		5.0725,
		2.2325,
		5.1725,
		2.335,
		5.275,
		2.435,
		5.3775,
		2.5375,
		5.4775,
		2.6375,
		5.58,
		2.74	],
	"ImageOrientationPatientDICOM": [
		0.997178,
		0.070868,
		0.0247889,
		-0.0700792,
		0.997048,
		-0.0313585	],
	"InPlanePhaseEncodingDirectionDICOM": "COL",
	"ConversionSoftware": "dcm2niix",
	"ConversionSoftwareVersion": "v1.0.20181125  GCC4.4.7"
}
