{
	"Modality": "MR",
	"MagneticFieldStrength": 3,
	"ImagingFrequency": 123.247,
	"Manufacturer": "Siemens",
	"ManufacturersModelName": "Prisma_fit",
	"InstitutionName": "Washington_University",
	"InstitutionalDepartmentName": "Department",
	"InstitutionAddress": "Scott_Ave_4525_St._Louis_MO_US_63110",
	"DeviceSerialNumber": "67064",
	"StationName": "MRC35177",
	"BodyPartExamined": "HEAD",
	"PatientPosition": "HFS",
	"ProcedureStepDescription": "head_Dosenbach",
	"SoftwareVersions": "syngo_MR_E11",
	"MRAcquisitionType": "3D",
	"SeriesDescription": "T2w_SPC",
	"ProtocolName": "T2w_SPC",
	"ScanningSequence": "SE",
	"SequenceVariant": "SK_SP",
	"ScanOptions": "PFP",
	"SequenceName": "_spc_314ns",
	"ImageType": ["ORIGINAL", "PRIMARY", "M", "ND"],
	"SeriesNumber": 22,
	"AcquisitionTime": "22:11:27.435000",
	"AcquisitionNumber": 1,
	"SliceThickness": 0.8,
	"SAR": 0.118156,
	"EchoTime": 0.563,
	"RepetitionTime": 3.2,
	"FlipAngle": 120,
	"PartialFourier": 1,
	"BaseResolution": 320,
	"ShimSetting": [
		-1996,
		-11572,
		5828,
		365,
		21,
		-441,
		-9,
		-51	],
	"TxRefAmp": 211.316,
	"PhaseResolution": 1,
	"ReceiveCoilName": "HeadNeck_64",
	"ReceiveCoilActiveElements": "HC1-7;NC1,2",
	"CoilString": "HC1-7;NC1_2",
	"PulseSequenceDetails": "%SiemensSeq%_tse_vfl",
	"ConsistencyInfo": "N4_VE11C_LATEST_20160120",
	"PercentPhaseFOV": 93.75,
	"EchoTrainLength": 314,
	"PhaseEncodingSteps": 297,
	"AcquisitionMatrixPE": 300,
	"ReconMatrixPE": 320,
	"PixelBandwidth": 745,
	"DwellTime": 2.1e-06,
	"ImageOrientationPatientDICOM": [
		-0.0659832,
		0.99646,
		-0.0520894,
		0.0560174,
		-0.0484216,
		-0.997255	],
	"InPlanePhaseEncodingDirectionDICOM": "ROW",
	"ConversionSoftware": "dcm2niix",
	"ConversionSoftwareVersion": "v1.0.20181125  GCC4.4.7"
}
