{
	"Modality": "MR",
	"MagneticFieldStrength": 3,
	"ImagingFrequency": 123.247,
	"Manufacturer": "Siemens",
	"ManufacturersModelName": "Prisma_fit",
	"InstitutionName": "Washington_University",
	"InstitutionalDepartmentName": "Department",
	"InstitutionAddress": "Scott_Ave_4525_St._Louis_MO_US_63110",
	"DeviceSerialNumber": "67064",
	"StationName": "MRC35177",
	"BodyPartExamined": "HEAD",
	"PatientPosition": "HFS",
	"ProcedureStepDescription": "head_Dosenbach",
	"SoftwareVersions": "syngo_MR_E11",
	"MRAcquisitionType": "2D",
	"SeriesDescription": "SpinEchoFieldMap_PA_2p6mm_56sl",
	"ProtocolName": "SpinEchoFieldMap_PA_2p6mm_56sl",
	"ScanningSequence": "EP",
	"SequenceVariant": "SK",
	"ScanOptions": "FS",
	"SequenceName": "epse2d1_88",
	"ImageType": ["ORIGINAL", "PRIMARY", "M", "ND", "NORM", "MOSAIC"],
	"SeriesNumber": 10,
	"AcquisitionTime": "21:14:12.177500",
	"AcquisitionNumber": 1,
	"SliceThickness": 2.6,
	"SpacingBetweenSlices": 2.6,
	"SAR": 0.126455,
	"EchoTime": 0.06,
	"RepetitionTime": 5.7,
	"FlipAngle": 90,
	"PartialFourier": 1,
	"BaseResolution": 90,
	"ShimSetting": [
		-1991,
		-11513,
		5768,
		399,
		21,
		4,
		-69,
		-36	],
	"TxRefAmp": 217.719,
	"PhaseResolution": 1,
	"VendorReportedEchoSpacing": 0.00059,
	"ReceiveCoilName": "HeadNeck_64",
	"ReceiveCoilActiveElements": "HC1-7",
	"PulseSequenceDetails": "%CustomerSeq%_cmrr_mbep2d_se",
	"WipMemBlock": "17287ca3-d646-4605-a39d-418e48d22168||Sequence: ve11c/master r/ab69a6c; Apr 19 2017 10:08:21 by eja",
	"ConsistencyInfo": "N4_VE11C_LATEST_20160120",
	"PercentPhaseFOV": 97.7778,
	"PercentSampling": 100,
	"EchoTrainLength": 88,
	"PhaseEncodingSteps": 88,
	"AcquisitionMatrixPE": 88,
	"ReconMatrixPE": 88,
	"BandwidthPerPixelPhaseEncode": 19.26,
	"EffectiveEchoSpacing": 0.000590012,
	"DerivedVendorReportedEchoSpacing": 0.000590012,
	"TotalReadoutTime": 0.0513311,
	"PixelBandwidth": 2220,
	"DwellTime": 2.5e-06,
	"PhaseEncodingDirection": "j",
	"SliceTiming": [
		2.84,
		0,
		2.9425,
		0.1025,
		3.0425,
		0.2025,
		3.145,
		0.305,
		3.2475,
		0.4075,
		3.3475,
		0.5075,
		3.45,
		0.61,
		3.55,
		0.71,
		3.6525,
		0.8125,
		3.7525,
		0.9125,
		3.855,
		1.015,
		3.9575,
		1.1175,
		4.0575,
		1.2175,
		4.16,
		1.32,
		4.26,
		1.42,
		4.3625,
		1.5225,
		4.4625,
		1.6225,
		4.565,
		1.725,
		4.665,
		1.8275,
		4.7675,
		1.9275,
		4.87,
		2.03,
		4.97,
		2.13,
		5.0725,
		2.2325,
		5.1725,
		2.3325,
		5.275,
		2.435,
		5.375,
		2.5375,
		5.4775,
		2.6375,
		5.58,
		2.74	],
	"ImageOrientationPatientDICOM": [
		0.996638,
		0.0347672,
		0.0741824,
		-0.0335844,
		0.999289,
		-0.017134	],
	"InPlanePhaseEncodingDirectionDICOM": "COL",
	"ConversionSoftware": "dcm2niix",
	"ConversionSoftwareVersion": "v1.0.20200331"
}
