{
	"Modality": "MR",
	"MagneticFieldStrength": 3,
	"ImagingFrequency": 123.247,
	"Manufacturer": "Siemens",
	"ManufacturersModelName": "Prisma_fit",
	"InstitutionName": "washington_university",
	"InstitutionalDepartmentName": "Department",
	"InstitutionAddress": "Scott_Ave_4525_St._Louis_MO_US_63110",
	"DeviceSerialNumber": "67064",
	"StationName": "MRC35177",
	"BodyPartExamined": "HEAD",
	"PatientPosition": "HFS",
	"ProcedureStepDescription": "head_Dosenbach",
	"SoftwareVersions": "syngo_MR_E11",
	"MRAcquisitionType": "2D",
	"SeriesDescription": "REST_fMRI_AP_2p6mm_MB4_tr1100_te33",
	"ProtocolName": "REST_fMRI_AP_2p6mm_MB4_tr1100_te33",
	"ScanningSequence": "EP",
	"SequenceVariant": "SK_SS",
	"ScanOptions": "FS",
	"SequenceName": "epfid2d1_90",
	"ImageType": ["ORIGINAL", "PRIMARY", "M", "MB", "ND", "NORM", "MOSAIC"],
	"SeriesNumber": 12,
	"AcquisitionTime": "21:03:59.170000",
	"AcquisitionNumber": 1,
	"ImageComments": "Unaliased_MB4_PE3_LB",
	"SliceThickness": 2.6,
	"SpacingBetweenSlices": 2.6,
	"SAR": 0.111816,
	"EchoTime": 0.033,
	"RepetitionTime": 1.1,
	"FlipAngle": 84,
	"PartialFourier": 1,
	"BaseResolution": 90,
	"ShimSetting": [
		-1991,
		-11523,
		5870,
		529,
		13,
		38,
		-50,
		-26	],
	"TxRefAmp": 234.901,
	"PhaseResolution": 1,
	"VendorReportedEchoSpacing": 0.00059,
	"ReceiveCoilName": "HeadNeck_64",
	"ReceiveCoilActiveElements": "HC1-7",
	"PulseSequenceDetails": "%CustomerSeq%_cmrr_mbep2d_bold",
	"WipMemBlock": "e6d6a921-5920-4cca-b9e4-347a7a8915d1||Sequence: ve11c/master r/068cfa9; Jul 21 2016 14:39:26 by eja",
	"ConsistencyInfo": "N4_VE11C_LATEST_20160120",
	"MultibandAccelerationFactor": 4,
	"PercentPhaseFOV": 100,
	"EchoTrainLength": 90,
	"PhaseEncodingSteps": 90,
	"AcquisitionMatrixPE": 90,
	"ReconMatrixPE": 90,
	"BandwidthPerPixelPhaseEncode": 18.832,
	"EffectiveEchoSpacing": 0.000590012,
	"DerivedVendorReportedEchoSpacing": 0.000590012,
	"TotalReadoutTime": 0.0525111,
	"PixelBandwidth": 2220,
	"DwellTime": 2.5e-06,
	"PhaseEncodingDirection": "j-",
	"SliceTiming": [
		0,
		0.2325,
		0.465,
		0.695,
		0.9275,
		0.0775,
		0.31,
		0.54,
		0.7725,
		1.005,
		0.155,
		0.3875,
		0.6175,
		0.85,
		0,
		0.2325,
		0.465,
		0.695,
		0.9275,
		0.0775,
		0.31,
		0.54,
		0.7725,
		1.005,
		0.155,
		0.3875,
		0.6175,
		0.85,
		0,
		0.2325,
		0.465,
		0.695,
		0.9275,
		0.0775,
		0.31,
		0.54,
		0.7725,
		1.005,
		0.155,
		0.3875,
		0.6175,
		0.85,
		0,
		0.2325,
		0.465,
		0.695,
		0.9275,
		0.0775,
		0.31,
		0.54,
		0.7725,
		1.005,
		0.155,
		0.3875,
		0.6175,
		0.85	],
	"ImageOrientationPatientDICOM": [
		0.99365,
		0.0631908,
		0.0930941,
		-0.0686115,
		0.996058,
		0.0562244	],
	"InPlanePhaseEncodingDirectionDICOM": "COL",
	"ConversionSoftware": "dcm2niix",
	"ConversionSoftwareVersion": "v1.0.20181125  GCC4.4.7"
,
"TaskName":"Motor"}
