{
	"Modality": "MR",
	"MagneticFieldStrength": 3,
	"ImagingFrequency": 123.247,
	"Manufacturer": "Siemens",
	"ManufacturersModelName": "Prisma_fit",
	"InstitutionName": "Washington_University",
	"InstitutionalDepartmentName": "Department",
	"InstitutionAddress": "Scott_Ave_4525_St._Louis_MO_US_63110",
	"DeviceSerialNumber": "67064",
	"StationName": "MRC35177",
	"BodyPartExamined": "BRAIN",
	"PatientPosition": "HFS",
	"ProcedureStepDescription": "head_Dosenbach",
	"SoftwareVersions": "syngo_MR_E11",
	"MRAcquisitionType": "2D",
	"SeriesDescription": "REST_fMRI_AP_2p6mm_MB4_tr1100_te33",
	"ProtocolName": "REST_fMRI_AP_2p6mm_MB4_tr1100_te33",
	"ScanningSequence": "EP",
	"SequenceVariant": "SK_SS",
	"ScanOptions": "FS",
	"SequenceName": "epfid2d1_90",
	"ImageType": ["ORIGINAL", "PRIMARY", "M", "MB", "ND", "NORM", "MOSAIC"],
	"SeriesNumber": 18,
	"AcquisitionTime": "21:11:28.782500",
	"AcquisitionNumber": 1,
	"ImageComments": "Unaliased_MB4_PE3_LB",
	"SliceThickness": 2.6,
	"SpacingBetweenSlices": 2.6,
	"SAR": 0.103171,
	"EchoTime": 0.033,
	"RepetitionTime": 1.1,
	"FlipAngle": 84,
	"PartialFourier": 1,
	"BaseResolution": 90,
	"ShimSetting": [
		-1995,
		-11515,
		5854,
		465,
		-18,
		8,
		-109,
		-95	],
	"TxRefAmp": 228.296,
	"PhaseResolution": 1,
	"VendorReportedEchoSpacing": 0.00059,
	"ReceiveCoilName": "HeadNeck_64",
	"ReceiveCoilActiveElements": "HC1-7",
	"PulseSequenceDetails": "%CustomerSeq%_cmrr_mbep2d_bold",
	"WipMemBlock": "22ecac31-d424-4c8f-9867-33d7723ec399||Sequence: ve11c/master r/068cfa9; Jul 21 2016 14:39:26 by eja",
	"ConsistencyInfo": "N4_VE11C_LATEST_20160120",
	"MultibandAccelerationFactor": 4,
	"PercentPhaseFOV": 100,
	"EchoTrainLength": 90,
	"PhaseEncodingSteps": 90,
	"AcquisitionMatrixPE": 90,
	"ReconMatrixPE": 90,
	"BandwidthPerPixelPhaseEncode": 18.832,
	"EffectiveEchoSpacing": 0.000590012,
	"DerivedVendorReportedEchoSpacing": 0.000590012,
	"TotalReadoutTime": 0.0525111,
	"PixelBandwidth": 2220,
	"DwellTime": 2.5e-06,
	"PhaseEncodingDirection": "j-",
	"SliceTiming": [
		0,
		0.23,
		0.4625,
		0.695,
		0.925,
		0.0775,
		0.3075,
		0.54,
		0.77,
		1.0025,
		0.155,
		0.385,
		0.6175,
		0.8475,
		0,
		0.23,
		0.4625,
		0.695,
		0.925,
		0.0775,
		0.3075,
		0.54,
		0.77,
		1.0025,
		0.155,
		0.385,
		0.6175,
		0.8475,
		0,
		0.23,
		0.4625,
		0.695,
		0.925,
		0.0775,
		0.3075,
		0.54,
		0.77,
		1.0025,
		0.155,
		0.385,
		0.6175,
		0.8475,
		0,
		0.23,
		0.4625,
		0.695,
		0.925,
		0.0775,
		0.3075,
		0.54,
		0.77,
		1.0025,
		0.155,
		0.385,
		0.6175,
		0.8475	],
	"ImageOrientationPatientDICOM": [
		0.994758,
		0.00133589,
		0.102251,
		0.00677119,
		0.99686,
		-0.0788978	],
	"InPlanePhaseEncodingDirectionDICOM": "COL",
	"ConversionSoftware": "dcm2niix",
	"ConversionSoftwareVersion": "v1.0.20181125  GCC4.4.7"
,
"TaskName":"Motor"}
