{
	"Modality": "MR",
	"MagneticFieldStrength": 3,
	"ImagingFrequency": 123.247,
	"Manufacturer": "Siemens",
	"ManufacturersModelName": "Prisma_fit",
	"InstitutionName": "Washington_University",
	"InstitutionalDepartmentName": "Department",
	"InstitutionAddress": "Scott_Ave_4525_St._Louis_MO_US_63110",
	"DeviceSerialNumber": "67064",
	"StationName": "MRC35177",
	"BodyPartExamined": "HEAD",
	"PatientPosition": "HFS",
	"ProcedureStepDescription": "head_Dosenbach",
	"SoftwareVersions": "syngo_MR_E11",
	"MRAcquisitionType": "2D",
	"SeriesDescription": "SpinEchoFieldMap_AP_2p6mm_56sl",
	"ProtocolName": "SpinEchoFieldMap_AP_2p6mm_56sl",
	"ScanningSequence": "EP",
	"SequenceVariant": "SK",
	"ScanOptions": "FS",
	"SequenceName": "epse2d1_90",
	"ImageType": ["ORIGINAL", "PRIMARY", "M", "ND", "MOSAIC"],
	"SeriesNumber": 7,
	"AcquisitionTime": "21:26:28.012500",
	"AcquisitionNumber": 1,
	"SliceThickness": 2.6,
	"SpacingBetweenSlices": 2.6,
	"SAR": 0.139952,
	"EchoTime": 0.06,
	"RepetitionTime": 5.7,
	"FlipAngle": 90,
	"PartialFourier": 1,
	"BaseResolution": 90,
	"ShimSetting": [
		-1995,
		-11506,
		5839,
		490,
		67,
		-65,
		-24,
		-51	],
	"TxRefAmp": 212.313,
	"PhaseResolution": 1,
	"VendorReportedEchoSpacing": 0.00059,
	"ReceiveCoilName": "HeadNeck_64",
	"ReceiveCoilActiveElements": "HC1-7",
	"PulseSequenceDetails": "%CustomerSeq%_cmrr_mbep2d_se",
	"WipMemBlock": "9677195f-862d-411b-99a4-b777948a2b5d||Sequence: R016 ve11c/master r/e634e98; Dec 19 2017 11:22:56 by eja",
	"ConsistencyInfo": "N4_VE11C_LATEST_20160120",
	"PercentPhaseFOV": 100,
	"EchoTrainLength": 90,
	"PhaseEncodingSteps": 90,
	"AcquisitionMatrixPE": 90,
	"ReconMatrixPE": 90,
	"BandwidthPerPixelPhaseEncode": 18.832,
	"EffectiveEchoSpacing": 0.000590012,
	"DerivedVendorReportedEchoSpacing": 0.000590012,
	"TotalReadoutTime": 0.0525111,
	"PixelBandwidth": 2220,
	"DwellTime": 2.5e-06,
	"PhaseEncodingDirection": "j-",
	"SliceTiming": [
		2.84,
		0,
		2.94,
		0.1,
		3.0425,
		0.2025,
		3.1425,
		0.3025,
		3.245,
		0.405,
		3.3475,
		0.5075,
		3.4475,
		0.6075,
		3.55,
		0.71,
		3.65,
		0.81,
		3.7525,
		0.9125,
		3.8525,
		1.0125,
		3.955,
		1.115,
		4.0575,
		1.2175,
		4.1575,
		1.3175,
		4.26,
		1.42,
		4.36,
		1.52,
		4.4625,
		1.6225,
		4.5625,
		1.7225,
		4.665,
		1.825,
		4.765,
		1.9275,
		4.8675,
		2.0275,
		4.97,
		2.13,
		5.07,
		2.23,
		5.1725,
		2.3325,
		5.2725,
		2.4325,
		5.375,
		2.535,
		5.475,
		2.6375,
		5.5775,
		2.7375	],
	"ImageOrientationPatientDICOM": [
		0.992938,
		0.117821,
		0.0138518,
		-0.116995,
		0.991868,
		-0.050099	],
	"InPlanePhaseEncodingDirectionDICOM": "COL",
	"ConversionSoftware": "dcm2niix",
	"ConversionSoftwareVersion": "v1.0.20181125  GCC4.4.7"
}
